GEM
  remote: http://rubygems.org/
  specs:
    BlueCloth (1.0.1)
    rake (0.8.7)
    yard (0.6.1)

PLATFORMS
  ruby
  x86-mingw32

DEPENDENCIES
  BlueCloth
  rake
  yard
