GEM
  remote: http://rubygems.org/
  specs:
    builder (2.1.2)
    fakeweb (1.3.0)
    hpricot (0.8.2)
    mocha (0.9.8)
      rake
    rake (0.8.7)
    rsolr (0.12.1)
      builder (>= 2.1.2)

PLATFORMS
  ruby
  x86-mingw32

DEPENDENCIES
  fakeweb
  hpricot
  mocha
  rsolr
